GEM
  remote: https://rubygems.org/
  specs:
    backports (3.8.0)
    bcrypt (3.1.11)
    json (1.8.6)
    multi_json (1.12.1)
    mustermann (1.0.1)
    openssl (2.0.6)
    rack (2.0.4)
    rack-protection (2.0.0)
      rack
    rack-rewrite (1.5.1)
    rack-ssl-enforcer (0.2.9)
    sinatra (2.0.0)
      mustermann (~> 1.0)
      rack (~> 2.0)
      rack-protection (= 2.0.0)
      tilt (~> 2.0)
    sinatra-contrib (2.0.0)
      backports (>= 2.0)
      multi_json
      mustermann (~> 1.0)
      rack-protection (= 2.0.0)
      sinatra (= 2.0.0)
      tilt (>= 1.3, < 3)
    sinatra-default_charset (0.2.0)
      sinatra (>= 1.0)
    sinatra-partial (1.0.1)
      sinatra (>= 1.4)
    slim (3.0.8)
      temple (>= 0.7.6, < 0.9)
      tilt (>= 1.3.3, < 2.1)
    sqlite3 (1.3.13)
    temple (0.8.0)
    tilt (2.0.8)
    webrick (1.4.2)

PLATFORMS
  ruby

DEPENDENCIES
  bcrypt
  json
  openssl (>= 2.0.6)
  rack (~> 2.0, >= 2.0.4)
  rack-rewrite
  rack-ssl-enforcer
  sinatra
  sinatra-contrib
  sinatra-default_charset
  sinatra-partial
  slim
  sqlite3
  webrick (>= 1.4.2)

BUNDLED WITH
   1.16.0
